GEM
  remote: https://rubygems.org/
  specs:
    mime-types (2.0)
    mini_portile (0.5.2)
    nokogiri (1.6.0)
      mini_portile (~> 0.5.0)

PLATFORMS
  ruby

DEPENDENCIES
  mime-types
  nokogiri
